GEM
  remote: https://rubygems.org/
  specs:
    activemodel (5.1.7)
      activesupport (= 5.1.7)
    activerecord (5.1.7)
      activemodel (= 5.1.7)
      activesupport (= 5.1.7)
      arel (~> 8.0)
    activesupport (5.1.7)
      concurrent-ruby (~> 1.0, >= 1.0.2)
      i18n (>= 0.7, < 2)
      minitest (~> 5.1)
      tzinfo (~> 1.1)
    arel (8.0.0)
    byebug (11.1.3)
    coderay (1.1.3)
    concurrent-ruby (1.1.10)
    i18n (1.12.0)
      concurrent-ruby (~> 1.0)
    method_source (1.0.0)
    minitest (5.16.3)
    pry (0.13.1)
      coderay (~> 1.1)
      method_source (~> 1.0)
    pry-byebug (3.9.0)
      byebug (~> 11.0)
      pry (~> 0.13.0)
    sqlite3 (1.4.4)
    thread_safe (0.3.6)
    tzinfo (1.2.10)
      thread_safe (~> 0.1)

PLATFORMS
  arm64-darwin-20
  ruby

DEPENDENCIES
  activerecord
  pry-byebug
  sqlite3

RUBY VERSION
   ruby 2.7.6p219

BUNDLED WITH
   2.3.9
